PATH
  remote: .
  specs:
    path_list (1.0.0.rc1)

GEM
  remote: https://rubygems.org/
  specs:
    ansi (1.5.0)
    ast (2.4.2)
    benchmark-ips (2.12.0)
    coderay (1.1.3)
    commonmarker (0.23.9)
    debug (1.8.0)
      irb (>= 1.5.0)
      reline (>= 0.3.1)
    diff-lcs (1.5.0)
    docile (1.4.0)
    fast_ignore (0.17.4)
    ffi (1.15.5)
    get_process_mem (0.2.7)
      ffi (~> 1.0)
    io-console (0.6.0)
    io-console (0.6.0-java)
    irb (1.7.1)
      reline (>= 0.3.0)
    jar-dependencies (0.4.1)
    jaro_winkler (1.5.6)
    jaro_winkler (1.5.6-java)
    jruby-win32ole (0.8.5)
    json (2.6.3)
    json (2.6.3-java)
    language_server-protocol (3.17.0.3)
    leftovers (0.12.2)
      fast_ignore (>= 0.17.0)
      parallel
      parser
    method_source (1.0.0)
    parallel (1.23.0)
    parser (3.2.2.3)
      ast (~> 2.4.1)
      racc
    pry (0.14.2)
      coderay (~> 1.1)
      method_source (~> 1.0)
    psych (5.1.0)
      stringio
    psych (5.1.0-java)
      jar-dependencies (>= 0.1.7)
    racc (1.7.1)
    racc (1.7.1-java)
    rainbow (3.1.1)
    rake (13.0.6)
    rdoc (6.5.0)
      psych (>= 4.0.0)
    regexp_parser (2.8.1)
    reline (0.3.5)
      io-console (~> 0.5)
    rexml (3.2.5)
    rspec (3.12.0)
      rspec-core (~> 3.12.0)
      rspec-expectations (~> 3.12.0)
      rspec-mocks (~> 3.12.0)
    rspec-core (3.12.2)
      rspec-support (~> 3.12.0)
    rspec-expectations (3.12.3)
      diff-lcs (>= 1.2.0, < 2.0)
      rspec-support (~> 3.12.0)
    rspec-mocks (3.12.5)
      diff-lcs (>= 1.2.0, < 2.0)
      rspec-support (~> 3.12.0)
    rspec-support (3.12.1)
    rubocop (1.54.0)
      json (~> 2.3)
      language_server-protocol (>= 3.17.0)
      parallel (~> 1.10)
      parser (>= 3.2.2.3)
      rainbow (>= 2.2.2, < 4.0)
      regexp_parser (>= 1.8, < 3.0)
      rexml (>= 3.2.5, < 4.0)
      rubocop-ast (>= 1.28.0, < 2.0)
      ruby-progressbar (~> 1.7)
      unicode-display_width (>= 2.4.0, < 3.0)
    rubocop-ast (1.29.0)
      parser (>= 3.2.1.0)
    rubocop-capybara (2.18.0)
      rubocop (~> 1.41)
    rubocop-factory_bot (2.23.1)
      rubocop (~> 1.33)
    rubocop-performance (1.18.0)
      rubocop (>= 1.7.0, < 2.0)
      rubocop-ast (>= 0.4.0)
    rubocop-rake (0.6.0)
      rubocop (~> 1.0)
    rubocop-rspec (2.22.0)
      rubocop (~> 1.33)
      rubocop-capybara (~> 2.17)
      rubocop-factory_bot (~> 2.22)
    ruby-prof (0.18.0)
    ruby-prof (0.18.0-x64-mingw32)
    ruby-prof-flamegraph (0.3.0)
      ruby-prof (~> 0.13)
    ruby-progressbar (1.13.0)
    simplecov (0.18.5)
      docile (~> 1.1)
      simplecov-html (~> 0.11)
    simplecov-console (0.9.1)
      ansi
      simplecov
      terminal-table
    simplecov-html (0.12.3)
    spellr (0.11.0)
      fast_ignore (>= 0.11.0)
      jaro_winkler
      parallel (~> 1.0)
    stringio (3.0.7)
    syntax_suggest (1.1.0)
    sys-proctable (1.3.0)
      ffi (~> 1.1)
    terminal-table (3.0.2)
      unicode-display_width (>= 1.1.1, < 3)
    unicode-display_width (2.4.2)
    webrick (1.8.1)
    yard (0.9.34)

PLATFORMS
  universal-java-1.8
  universal-java-11
  x64-mingw-ucrt
  x64-mingw32
  x86_64-darwin-20
  x86_64-darwin-22
  x86_64-linux

DEPENDENCIES
  benchmark-ips
  commonmarker
  debug
  get_process_mem
  jruby-win32ole
  leftovers (>= 0.4.0)
  path_list!
  pry
  rake (>= 12.3.3)
  rdoc
  rspec (~> 3.0)
  rubocop (>= 0.93.1)
  rubocop-performance
  rubocop-rake
  rubocop-rspec (>= 1.44.1)
  ruby-prof-flamegraph
  simplecov (~> 0.18.5)
  simplecov-console
  spellr (>= 0.8.3)
  syntax_suggest
  sys-proctable
  webrick
  yard

BUNDLED WITH
   2.4.15
